GIT
  remote: https://github.com/againstprisons/rcpdflayout.git
  revision: 1d524855330cd96491f0e0fae876ec6f9b899994
  branch: main
  specs:
    rcpdflayout (0.1.0.pre.1)
      commonmarker (~> 0.22)
      mini_magick (~> 4.11)

GEM
  remote: https://rubygems.org/
  specs:
    addressable (2.5.2)
      public_suffix (>= 2.0.2, < 4.0)
    base32 (0.3.4)
    chronic (0.10.2)
    chunky_png (1.4.0)
    coderay (1.1.3)
    commonmarker (0.23.4)
    concurrent-ruby (1.1.9)
    connection_pool (2.2.5)
    crass (1.0.6)
    dotenv (2.5.0)
    e2mmap (0.1.0)
    email_address (0.2.2)
      simpleidn
    et-orbi (1.2.6)
      tzinfo
    ethon (0.15.0)
      ffi (>= 1.15.0)
    ffi (1.15.5)
    fugit (1.5.2)
      et-orbi (~> 1.1, >= 1.1.8)
      raabro (~> 1.4)
    haml (5.2.2)
      temple (>= 0.8.0)
      tilt
    mail (2.7.1)
      mini_mime (>= 0.1.1)
    memoist (0.16.2)
    method_source (1.0.0)
    mimemagic (0.4.3)
      nokogiri (~> 1)
      rake
    mini_magick (4.11.0)
    mini_mime (1.1.2)
    mini_portile2 (2.6.1)
    mustermann (1.1.1)
      ruby2_keywords (~> 0.0.1)
    nokogiri (1.12.5)
      mini_portile2 (~> 2.6.1)
      racc (~> 1.4)
    nokogumbo (2.0.5)
      nokogiri (~> 1.8, >= 1.8.4)
    pg (1.1.4)
    pry (0.13.1)
      coderay (~> 1.1)
      method_source (~> 1.0)
    public_suffix (3.1.1)
    puma (3.12.6)
    raabro (1.4.0)
    racc (1.6.0)
    rack (2.2.3)
    rack-protection (2.1.0)
      rack
    rake (12.3.3)
    rbnacl (7.1.1)
      ffi
    redis (4.5.1)
    reverse_markdown (1.1.0)
      nokogiri
    rotp (4.0.2)
      addressable (~> 2.5)
    rqrcode (1.2.0)
      chunky_png (~> 1.0)
      rqrcode_core (~> 0.2)
    rqrcode_core (0.2.0)
    ruby2_keywords (0.0.5)
    rufus-scheduler (3.8.0)
      fugit (~> 1.1, >= 1.1.6)
    sanitize (5.0.0)
      crass (~> 1.0.2)
      nokogiri (>= 1.8.0)
      nokogumbo (~> 2.0)
    sassc (2.4.0)
      ffi (~> 1.9)
    sequel (5.40.0)
    sidekiq (6.1.3)
      connection_pool (>= 2.2.2)
      rack (~> 2.0)
      redis (>= 4.2.0)
    sidekiq-scheduler (3.0.1)
      e2mmap
      redis (>= 3, < 5)
      rufus-scheduler (~> 3.2)
      sidekiq (>= 3)
      thwait
      tilt (>= 1.4.0)
    simpleidn (0.2.1)
      unf (~> 0.1.4)
    sinatra (2.1.0)
      mustermann (~> 1.0)
      rack (~> 2.2)
      rack-protection (= 2.1.0)
      tilt (~> 2.0)
    temple (0.8.2)
    thwait (0.1.0)
    tilt (2.0.10)
    typhoeus (1.4.0)
      ethon (>= 0.9.0)
    tzinfo (2.0.4)
      concurrent-ruby (~> 1.0)
    u2f (1.0.0)
    unf (0.1.4)
      unf_ext
    unf_ext (0.0.8.1)

PLATFORMS
  ruby

DEPENDENCIES
  addressable (~> 2.5.2)
  base32 (~> 0.3.2)
  chronic (~> 0.10.2)
  dotenv (~> 2.5.0)
  e2mmap (~> 0.1.0)
  email_address (~> 0.2)
  haml (~> 5.2.1)
  mail (~> 2.7.1)
  memoist (~> 0.16.0)
  mimemagic (~> 0.4.3)
  pg (~> 1.1.3)
  pry (~> 0.13.1)
  puma (~> 3.12.0)
  rake (~> 12.3.2)
  rbnacl (~> 7.1.1)
  rcpdflayout!
  reverse_markdown (~> 1.1.0)
  rotp (~> 4.0.2)
  rqrcode (~> 1.2.0)
  sanitize (~> 5.0.0)
  sassc (~> 2.4.0)
  sequel (~> 5.40.0)
  sidekiq (~> 6.1.3)
  sidekiq-scheduler (~> 3.0.1)
  sinatra (~> 2.1.0)
  thwait (~> 0.1.0)
  tilt (~> 2.0.10)
  typhoeus (~> 1.4.0)
  tzinfo (~> 2.0.4)
  u2f (~> 1.0.0)

BUNDLED WITH
   2.3.9
