GEM
  remote: https://rubygems.org/
  specs:
    addressable (2.5.2)
      public_suffix (>= 2.0.2, < 4.0)
    chunky_png (1.3.11)
    coderay (1.1.2)
    crass (1.0.4)
    dotenv (2.5.0)
    ethon (0.11.0)
      ffi (>= 1.3.0)
    ffi (1.10.0)
    haml (5.0.4)
      temple (>= 0.8.0)
      tilt
    json (2.1.0)
    mail (2.7.1)
      mini_mime (>= 0.1.1)
    memoist (0.16.0)
    method_source (0.9.2)
    mini_mime (1.0.1)
    mini_portile2 (2.4.0)
    mustermann (1.0.3)
    nokogiri (1.10.0)
      mini_portile2 (~> 2.4.0)
    nokogumbo (2.0.1)
      nokogiri (~> 1.8, >= 1.8.4)
    pg (1.1.4)
    pry (0.12.2)
      coderay (~> 1.1.0)
      method_source (~> 0.9.0)
    public_suffix (3.0.3)
    puma (3.12.0)
    rack (2.0.6)
    rack-protection (2.0.5)
      rack
    rake (12.3.2)
    rb-fsevent (0.10.3)
    rb-inotify (0.10.0)
      ffi (~> 1.0)
    rbnacl (6.0.0)
      ffi
    rotp (4.0.2)
      addressable (~> 2.5)
    rqrcode (0.10.1)
      chunky_png (~> 1.0)
    sanitize (5.0.0)
      crass (~> 1.0.2)
      nokogiri (>= 1.8.0)
      nokogumbo (~> 2.0)
    sass (3.7.3)
      sass-listen (~> 4.0.0)
    sass-listen (4.0.0)
      rb-fsevent (~> 0.9, >= 0.9.4)
      rb-inotify (~> 0.9, >= 0.9.7)
    sequel (5.16.0)
    sinatra (2.0.5)
      mustermann (~> 1.0)
      rack (~> 2.0)
      rack-protection (= 2.0.5)
      tilt (~> 2.0)
    sqlite3 (1.3.13)
    temple (0.8.0)
    tilt (2.0.9)
    typhoeus (1.3.1)
      ethon (>= 0.9.0)
    u2f (1.0.0)

PLATFORMS
  ruby

DEPENDENCIES
  addressable (~> 2.5.2)
  dotenv (~> 2.5.0)
  haml (~> 5.0.4)
  json (~> 2.1.0)
  mail (~> 2.7.1)
  memoist (~> 0.16.0)
  pg (~> 1.1.3)
  pry (~> 0.12.2)
  puma (~> 3.12.0)
  rake (~> 12.3.2)
  rbnacl (~> 6.0.0)
  rotp (~> 4.0.2)
  rqrcode (~> 0.10.1)
  sanitize (~> 5.0.0)
  sass (~> 3.7.2)
  sequel (~> 5.16.0)
  sinatra (~> 2.0.5)
  sqlite3 (~> 1.3.13)
  typhoeus (~> 1.3.1)
  u2f (~> 1.0.0)

BUNDLED WITH
   1.17.1
