GEM
  remote: https://rubygems.org/
  specs:
    addressable (2.5.2)
      public_suffix (>= 2.0.2, < 4.0)
    chronic (0.10.2)
    chunky_png (1.3.11)
    coderay (1.1.2)
    concurrent-ruby (1.1.4)
    connection_pool (2.2.2)
    crass (1.0.4)
    dotenv (2.5.0)
    et-orbi (1.1.7)
      tzinfo
    ethon (0.11.0)
      ffi (>= 1.3.0)
    ffi (1.10.0)
    fugit (1.1.8)
      et-orbi (~> 1.1, >= 1.1.7)
      raabro (~> 1.1)
    haml (5.0.4)
      temple (>= 0.8.0)
      tilt
    json (2.1.0)
    mail (2.7.1)
      mini_mime (>= 0.1.1)
    memoist (0.16.0)
    method_source (0.9.2)
    mimemagic (0.3.3)
    mini_mime (1.0.1)
    mini_portile2 (2.4.0)
    mustermann (1.0.3)
    nokogiri (1.10.0)
      mini_portile2 (~> 2.4.0)
    nokogumbo (2.0.1)
      nokogiri (~> 1.8, >= 1.8.4)
    pg (1.1.4)
    pry (0.12.2)
      coderay (~> 1.1.0)
      method_source (~> 0.9.0)
    public_suffix (3.0.3)
    puma (3.12.0)
    raabro (1.1.6)
    rack (2.0.6)
    rack-protection (2.0.5)
      rack
    rake (12.3.2)
    rbnacl (6.0.0)
      ffi
    redis (4.1.0)
    reverse_markdown (1.1.0)
      nokogiri
    rotp (4.0.2)
      addressable (~> 2.5)
    rqrcode (0.10.1)
      chunky_png (~> 1.0)
    rufus-scheduler (3.5.2)
      fugit (~> 1.1, >= 1.1.5)
    sanitize (5.0.0)
      crass (~> 1.0.2)
      nokogiri (>= 1.8.0)
      nokogumbo (~> 2.0)
    sassc (2.0.1)
      ffi (~> 1.9)
      rake
    sequel (5.16.0)
    sidekiq (5.2.5)
      connection_pool (~> 2.2, >= 2.2.2)
      rack (>= 1.5.0)
      rack-protection (>= 1.5.0)
      redis (>= 3.3.5, < 5)
    sidekiq-scheduler (3.0.0)
      redis (>= 3, < 5)
      rufus-scheduler (~> 3.2)
      sidekiq (>= 3)
      tilt (>= 1.4.0)
    sinatra (2.0.5)
      mustermann (~> 1.0)
      rack (~> 2.0)
      rack-protection (= 2.0.5)
      tilt (~> 2.0)
    sqlite3 (1.3.13)
    temple (0.8.0)
    tilt (2.0.9)
    typhoeus (1.3.1)
      ethon (>= 0.9.0)
    tzinfo (2.0.0)
      concurrent-ruby (~> 1.0)
    u2f (1.0.0)

PLATFORMS
  ruby

DEPENDENCIES
  addressable (~> 2.5.2)
  chronic (~> 0.10.2)
  dotenv (~> 2.5.0)
  haml (~> 5.0.4)
  json (~> 2.1.0)
  mail (~> 2.7.1)
  memoist (~> 0.16.0)
  mimemagic (~> 0.3.3)
  pg (~> 1.1.3)
  pry (~> 0.12.2)
  puma (~> 3.12.0)
  rake (~> 12.3.2)
  rbnacl (~> 6.0.0)
  reverse_markdown (~> 1.1.0)
  rotp (~> 4.0.2)
  rqrcode (~> 0.10.1)
  sanitize (~> 5.0.0)
  sassc (~> 2.0.1)
  sequel (~> 5.16.0)
  sidekiq (~> 5.2.5)
  sidekiq-scheduler (~> 3.0.0)
  sinatra (~> 2.0.5)
  sqlite3 (~> 1.3.13)
  tilt (~> 2.0.9)
  typhoeus (~> 1.3.1)
  u2f (~> 1.0.0)

BUNDLED WITH
   1.17.2
